PATH
  remote: .
  specs:
    slanger (0.6.1.2)
      activesupport (~> 4.2.1)
      em-hiredis (~> 0.2.0)
      em-http-request (~> 0.3.0)
      em-websocket (~> 0.5.1)
      eventmachine (~> 1.0.0)
      oj (~> 3.10.6)
      rack (~> 1.6.12)
      rack-fiber_pool (~> 0.9.2)
      signature (~> 0.1.6)
      sinatra (~> 1.4.4)
      thin (~> 1.6.0)

GEM
  remote: https://rubygems.org/
  specs:
    activesupport (4.2.11.1)
      i18n (~> 0.7)
      minitest (~> 5.1)
      thread_safe (~> 0.3, >= 0.3.4)
      tzinfo (~> 1.1)
    addressable (2.3.8)
    bundler-audit (0.6.1)
      bundler (>= 1.2.0, < 3)
      thor (~> 0.18)
    concurrent-ruby (1.1.6)
    crack (0.4.2)
      safe_yaml (~> 1.0.0)
    daemons (1.3.1)
    diff-lcs (1.3)
    em-hiredis (0.2.1)
      hiredis (~> 0.4.0)
    em-http-request (0.3.0)
      addressable (>= 2.0.0)
      escape_utils
      eventmachine (>= 0.12.9)
    em-websocket (0.5.1)
      eventmachine (>= 0.12.9)
      http_parser.rb (~> 0.6.0)
    escape_utils (1.2.1)
    eventmachine (1.0.9.1)
    haml (5.1.2)
      temple (>= 0.8.0)
      tilt
    hiredis (0.4.5)
    http_parser.rb (0.6.0)
    httpclient (2.8.3)
    i18n (0.9.5)
      concurrent-ruby (~> 1.0)
    metaclass (0.0.4)
    minitest (5.14.0)
    mocha (0.13.3)
      metaclass (~> 0.0.1)
    multi_json (1.14.1)
    oj (3.10.6)
    pusher (0.14.4)
      httpclient (~> 2.5)
      multi_json (~> 1.0)
      signature (~> 0.1.8)
    rack (1.6.13)
    rack-fiber_pool (0.9.3)
    rack-protection (1.5.5)
      rack
    rake (13.0.1)
    rspec (3.9.0)
      rspec-core (~> 3.9.0)
      rspec-expectations (~> 3.9.0)
      rspec-mocks (~> 3.9.0)
    rspec-core (3.9.2)
      rspec-support (~> 3.9.3)
    rspec-expectations (3.9.1)
      diff-lcs (>= 1.2.0, < 2.0)
      rspec-support (~> 3.9.0)
    rspec-mocks (3.9.1)
      diff-lcs (>= 1.2.0, < 2.0)
      rspec-support (~> 3.9.0)
    rspec-support (3.9.3)
    safe_yaml (1.0.4)
    signature (0.1.8)
    sinatra (1.4.8)
      rack (~> 1.5)
      rack-protection (~> 1.4)
      tilt (>= 1.3, < 3)
    temple (0.8.2)
    thin (1.6.4)
      daemons (~> 1.0, >= 1.0.9)
      eventmachine (~> 1.0, >= 1.0.4)
      rack (~> 1.0)
    thor (0.20.3)
    thread_safe (0.3.6)
    tilt (2.0.10)
    timecop (0.3.5)
    tzinfo (1.2.7)
      thread_safe (~> 0.1)
    webmock (1.8.11)
      addressable (>= 2.2.7)
      crack (>= 0.1.7)

PLATFORMS
  ruby

DEPENDENCIES
  bundler (~> 1.5)
  bundler-audit (~> 0.6.1)
  haml (~> 5.1.2)
  mocha (~> 0.13.2)
  pusher (~> 0.14.2)
  rake (~> 13.0.1)
  rspec (~> 3.9.0)
  slanger!
  timecop (~> 0.3.5)
  webmock (~> 1.8.7)

BUNDLED WITH
   1.17.2
